PATH
  remote: .
  specs:
    terminal_weather (0.1.0)
      geocoder

GEM
  remote: https://rubygems.org/
  specs:
    geocoder (1.6.1)
    rake (12.3.3)

PLATFORMS
  ruby

DEPENDENCIES
  rake (~> 12.0)
  terminal_weather!

BUNDLED WITH
   2.1.4
